PATH
  remote: .
  specs:
    rummageable (0.1.1)
      json
      plek
      rest-client

GEM
  remote: http://rubygems.org/
  specs:
    addressable (2.2.6)
    builder (3.0.0)
    crack (0.3.1)
    json (1.6.4)
    mime-types (1.17.2)
    plek (0.1.18)
      builder
    rake (0.9.2.2)
    rest-client (1.6.7)
      mime-types (>= 1.16)
    webmock (1.7.7)
      addressable (~> 2.2, > 2.2.5)
      crack (>= 0.1.7)

PLATFORMS
  ruby

DEPENDENCIES
  rake
  rummageable!
  webmock
